GIT
  remote: https://github.com/PopulateTools/gobierto_data.git
  revision: 8eccea7e0abbe1a47d34e563f64812a6df83b6fc
  specs:
    gobierto_data (0.1.0)
      actionpack (>= 5.0.0.1)
      activesupport (>= 5.0.0)
      aws-sdk (~> 2.11, >= 2.11.45)
      elasticsearch (~> 6.0, >= 6.0.2)
      elasticsearch-extensions (~> 0.0.27)
      ine-places (~> 0.3.0)
      oj (~> 3.5, >= 3.5.0)
      rake (~> 12.3.2)

GEM
  remote: https://rubygems.org/
  specs:
    actionpack (6.1.4.1)
      actionview (= 6.1.4.1)
      activesupport (= 6.1.4.1)
      rack (~> 2.0, >= 2.0.9)
      rack-test (>= 0.6.3)
      rails-dom-testing (~> 2.0)
      rails-html-sanitizer (~> 1.0, >= 1.2.0)
    actionview (6.1.4.1)
      activesupport (= 6.1.4.1)
      builder (~> 3.1)
      erubi (~> 1.4)
      rails-dom-testing (~> 2.0)
      rails-html-sanitizer (~> 1.1, >= 1.2.0)
    activesupport (6.1.4.1)
      concurrent-ruby (~> 1.0, >= 1.0.2)
      i18n (>= 1.6, < 2)
      minitest (>= 5.1)
      tzinfo (~> 2.0)
      zeitwerk (~> 2.3)
    ansi (1.5.0)
    ast (2.4.0)
    aws-eventstream (1.1.0)
    aws-sdk (2.11.494)
      aws-sdk-resources (= 2.11.494)
    aws-sdk-core (2.11.494)
      aws-sigv4 (~> 1.0)
      jmespath (~> 1.0)
    aws-sdk-resources (2.11.494)
      aws-sdk-core (= 2.11.494)
    aws-sigv4 (1.1.2)
      aws-eventstream (~> 1.0, >= 1.0.2)
    builder (3.2.4)
    byebug (11.1.3)
    concurrent-ruby (1.1.9)
    crass (1.0.6)
    elasticsearch (6.8.1)
      elasticsearch-api (= 6.8.1)
      elasticsearch-transport (= 6.8.1)
    elasticsearch-api (6.8.1)
      multi_json
    elasticsearch-extensions (0.0.31)
      ansi
      elasticsearch
    elasticsearch-transport (6.8.1)
      faraday (>= 0.14, < 1)
      multi_json
    erubi (1.10.0)
    faraday (0.17.3)
      multipart-post (>= 1.2, < 3)
    ffi (1.12.2)
    hashie (3.6.0)
    http2 (0.0.32)
      string-cases (~> 0)
    i18n (1.8.10)
      concurrent-ruby (~> 1.0)
    ine-places (0.3.0)
      activesupport (>= 4.2)
    jaro_winkler (1.5.4)
    jmespath (1.4.0)
    json (2.3.0)
    loofah (2.12.0)
      crass (~> 1.0.2)
      nokogiri (>= 1.5.9)
    mini_portile2 (2.6.1)
    minitest (5.14.4)
    multi_json (1.14.1)
    multipart-post (2.0.0)
    nokogiri (1.12.5)
      mini_portile2 (~> 2.6.1)
      racc (~> 1.4)
    oj (3.10.6)
    parallel (1.19.1)
    parser (2.7.1.1)
      ast (~> 2.4.0)
    racc (1.5.2)
    rack (2.2.3)
    rack-test (1.1.0)
      rack (>= 1.0, < 3)
    rails-dom-testing (2.0.3)
      activesupport (>= 4.2.0)
      nokogiri (>= 1.6)
    rails-html-sanitizer (1.4.2)
      loofah (~> 2.3)
    rainbow (3.0.0)
    rake (12.3.3)
    rb-readline (0.5.5)
    rexml (3.2.5)
    rubocop (0.82.0)
      jaro_winkler (~> 1.5.1)
      parallel (~> 1.10)
      parser (>= 2.7.0.1)
      rainbow (>= 2.2.2, < 4.0)
      rexml
      ruby-progressbar (~> 1.7)
      unicode-display_width (>= 1.4.0, < 2.0)
    ruby-progressbar (1.10.1)
    soda-ruby (0.2.25)
      hashie (~> 3.5)
      multipart-post (~> 2.0.0)
      sys-uname (~> 1.0.2)
    string-cases (0.0.4)
    sys-uname (1.0.4)
      ffi (>= 1.0.0)
    tzinfo (2.0.4)
      concurrent-ruby (~> 1.0)
    unicode-display_width (1.7.0)
    zeitwerk (2.4.2)

PLATFORMS
  ruby

DEPENDENCIES
  aws-sdk
  byebug
  gobierto_data!
  http2
  ine-places
  json
  nokogiri (>= 1.10.4)
  rake
  rb-readline
  rubocop
  soda-ruby (~> 0.2.24)

BUNDLED WITH
   2.1.4
