GIT
  remote: https://github.com/PopulateTools/gobierto_data.git
  revision: 8ea4d5c7e91132adaaacfd2987ff748973c744b5
  specs:
    gobierto_data (0.0.1)
      actionpack (>= 5.0.0.1)
      activesupport (>= 5.0.0)
      aws-sdk (~> 2.11, >= 2.11.45)
      elasticsearch (~> 6.0, >= 6.0.2)
      elasticsearch-extensions (~> 0.0.27)
      ine-places (~> 0.2.0)
      oj (~> 3.5, >= 3.5.0)
      sequel (~> 5.8, >= 5.8.0)

GEM
  remote: https://rubygems.org/
  specs:
    actionpack (5.2.0)
      actionview (= 5.2.0)
      activesupport (= 5.2.0)
      rack (~> 2.0)
      rack-test (>= 0.6.3)
      rails-dom-testing (~> 2.0)
      rails-html-sanitizer (~> 1.0, >= 1.0.2)
    actionview (5.2.0)
      activesupport (= 5.2.0)
      builder (~> 3.1)
      erubi (~> 1.4)
      rails-dom-testing (~> 2.0)
      rails-html-sanitizer (~> 1.0, >= 1.0.3)
    activesupport (5.2.0)
      concurrent-ruby (~> 1.0, >= 1.0.2)
      i18n (>= 0.7, < 2)
      minitest (~> 5.1)
      tzinfo (~> 1.1)
    ansi (1.5.0)
    ast (2.4.0)
    aws-sdk (2.11.82)
      aws-sdk-resources (= 2.11.82)
    aws-sdk-core (2.11.82)
      aws-sigv4 (~> 1.0)
      jmespath (~> 1.0)
    aws-sdk-resources (2.11.82)
      aws-sdk-core (= 2.11.82)
    aws-sigv4 (1.0.3)
    builder (3.2.3)
    byebug (10.0.2)
    concurrent-ruby (1.0.5)
    crass (1.0.4)
    elasticsearch (6.1.0)
      elasticsearch-api (= 6.1.0)
      elasticsearch-transport (= 6.1.0)
    elasticsearch-api (6.1.0)
      multi_json
    elasticsearch-extensions (0.0.29)
      ansi
      elasticsearch
      ruby-prof
    elasticsearch-transport (6.1.0)
      faraday
      multi_json
    erubi (1.7.1)
    faraday (0.15.2)
      multipart-post (>= 1.2, < 3)
    ffi (1.9.25)
    hashie (3.5.7)
    http2 (0.0.32)
      string-cases (~> 0)
    i18n (1.0.1)
      concurrent-ruby (~> 1.0)
    ine-places (0.2.0)
      activesupport (>= 4.2)
    jaro_winkler (1.5.1)
    jmespath (1.4.0)
    json (2.1.0)
    loofah (2.2.2)
      crass (~> 1.0.2)
      nokogiri (>= 1.5.9)
    mini_portile2 (2.3.0)
    minitest (5.11.3)
    multi_json (1.13.1)
    multipart-post (2.0.0)
    nokogiri (1.8.4)
      mini_portile2 (~> 2.3.0)
    oj (3.6.3)
    parallel (1.12.1)
    parser (2.5.1.0)
      ast (~> 2.4.0)
    powerpack (0.1.2)
    rack (2.0.5)
    rack-test (1.0.0)
      rack (>= 1.0, < 3)
    rails-dom-testing (2.0.3)
      activesupport (>= 4.2.0)
      nokogiri (>= 1.6)
    rails-html-sanitizer (1.0.4)
      loofah (~> 2.2, >= 2.2.2)
    rainbow (3.0.0)
    rake (12.3.1)
    rubocop (0.57.2)
      jaro_winkler (~> 1.5.1)
      parallel (~> 1.10)
      parser (>= 2.5)
      powerpack (~> 0.1)
      rainbow (>= 2.2.2, < 4.0)
      ruby-progressbar (~> 1.7)
      unicode-display_width (~> 1.0, >= 1.0.1)
    ruby-prof (0.17.0)
    ruby-progressbar (1.9.0)
    sequel (5.10.0)
    soda-ruby (0.2.25)
      hashie (~> 3.5)
      multipart-post (~> 2.0.0)
      sys-uname (~> 1.0.2)
    string-cases (0.0.4)
    sys-uname (1.0.3)
      ffi (>= 1.0.0)
    thread_safe (0.3.6)
    tzinfo (1.2.5)
      thread_safe (~> 0.1)
    unicode-display_width (1.4.0)

PLATFORMS
  ruby

DEPENDENCIES
  byebug
  gobierto_data!
  http2
  ine-places
  json
  rake
  rubocop
  soda-ruby (~> 0.2.24)

BUNDLED WITH
   1.16.1
